PATH
  remote: .
  specs:
    global_docker_compose (0.0.1)

GEM
  remote: https://rubygems.org/
  specs:
    rake (12.3.3)
    thor (1.1.0)

PLATFORMS
  ruby

DEPENDENCIES
  global_docker_compose!
  rake (~> 12.0)
  thor (~> 1.1)

BUNDLED WITH
   2.1.4
